NUGET
  remote: https://nuget.org/api/v2
  specs:
    CommonServiceLocator (1.3.0)
    Extended.Wpf.Toolkit (2.5.0)
    log4net (2.0.4)
    MvvmLightLibs (5.2.0)
      CommonServiceLocator (>= 1.0) - framework: sl40, net35
      CommonServiceLocator (>= 1.3)
